GEM
  remote: https://rubygems.org/
  specs:
    coderay (1.1.0)
    ffi (1.9.8-java)
    method_source (0.8.2)
    pry (0.10.1-java)
      coderay (~> 1.1.0)
      method_source (~> 0.8.1)
      slop (~> 3.4)
      spoon (~> 0.0)
    ruby-processing (2.6.9)
    slop (3.6.0)
    spoon (0.0.4)
      ffi

PLATFORMS
  java

DEPENDENCIES
  pry
  ruby-processing
